GIT
  remote: git://github.com/mthssdrbrg/heller.git
  revision: 7e3536909f4256d374e0c3a45ebb1ba60ea89322
  branch: kafka-0.8.2.0
  specs:
    heller (0.1.0-java)
      kafka-jars

GEM
  remote: https://rubygems.org/
  specs:
    diff-lcs (1.2.5)
    docile (1.1.5)
    json (1.8.2-java)
    kafka-clients-jars (0.8.2.1.pre0-java)
      lz4-jars (~> 1.2)
      metrics-core-jars (>= 2.1, < 3.0.0)
      slf4j-jars (~> 1.7)
      snappy-jars (~> 1.1)
    kafka-jars (0.8.2.1.pre0-java)
      kafka-clients-jars (~> 0.8)
      lz4-jars (~> 1.2)
      metrics-core-jars (>= 2.1, < 3.0.0)
      scala-library-jars (~> 2.9.2)
      slf4j-jars (~> 1.7)
      snappy-jars (~> 1.1)
      zookeeper-jars (~> 3.4)
    lz4-jars (1.2.0-java)
    metrics-core-jars (2.2.0-java)
    rspec (3.1.0)
      rspec-core (~> 3.1.0)
      rspec-expectations (~> 3.1.0)
      rspec-mocks (~> 3.1.0)
    rspec-core (3.1.4)
      rspec-support (~> 3.1.0)
    rspec-expectations (3.1.1)
      diff-lcs (>= 1.2.0, < 2.0)
      rspec-support (~> 3.1.0)
    rspec-mocks (3.1.1)
      rspec-support (~> 3.1.0)
    rspec-support (3.1.0)
    scala-library-jars (2.9.2-java)
    simplecov (0.10.0)
      docile (~> 1.1.0)
      json (~> 1.8)
      simplecov-html (~> 0.10.0)
    simplecov-html (0.10.0)
    slf4j-jars (1.7.7-java)
    snappy-jars (1.1.0.1.2-java)
    thor (0.19.1)
    zookeeper-jars (3.4.6-java)

PLATFORMS
  java

DEPENDENCIES
  heller!
  rspec
  simplecov
  thor
